PATH
  remote: .
  specs:
    enveloop (0.1.6)
      faraday

GEM
  remote: https://rubygems.org/
  specs:
    diff-lcs (1.4.4)
    faraday (2.7.4)
      faraday-net_http (>= 2.0, < 3.1)
      ruby2_keywords (>= 0.0.4)
    faraday-net_http (3.0.2)
    rake (12.3.3)
    rspec (3.10.0)
      rspec-core (~> 3.10.0)
      rspec-expectations (~> 3.10.0)
      rspec-mocks (~> 3.10.0)
    rspec-core (3.10.1)
      rspec-support (~> 3.10.0)
    rspec-expectations (3.10.1)
      diff-lcs (>= 1.2.0, < 2.0)
      rspec-support (~> 3.10.0)
    rspec-mocks (3.10.2)
      diff-lcs (>= 1.2.0, < 2.0)
      rspec-support (~> 3.10.0)
    rspec-support (3.10.2)
    ruby2_keywords (0.0.5)

PLATFORMS
  ruby

DEPENDENCIES
  enveloop!
  rake (~> 12.0)
  rspec (~> 3.0)

BUNDLED WITH
   2.1.4
